GEM
  remote: http://rubygems.org/
  remote: http://rubygems.org/
  specs:
    bourbon (3.0.1)
      sass (>= 3.2.0)
      thor
    builder (3.1.4)
    daemons (1.1.9)
    eventmachine (1.0.0)
    eventmachine (1.0.0-x86-mingw32)
    rack (1.4.1)
    rdiscount (1.6.8)
    sass (3.2.3)
    thin (1.5.0)
      daemons (>= 1.0.9)
      eventmachine (>= 0.12.6)
      rack (>= 1.0.0)
    thor (0.16.0)
    toto (0.4.9)
      builder
      rack
      rdiscount

PLATFORMS
  ruby
  x86-mingw32

DEPENDENCIES
  bourbon
  thin (~> 1.5.0)
  toto (~> 0.4.9)
