GEM
  remote: http://rubygems.org/
  remote: http://rubygems.org/
  specs:
    builder (3.1.4)
    daemons (1.1.9)
    eventmachine (1.0.0)
    rack (1.5.2)
    rdiscount (2.0.7)
    thin (1.5.0)
      daemons (>= 1.0.9)
      eventmachine (>= 0.12.6)
      rack (>= 1.0.0)
    toto (0.4.9)
      builder
      rack
      rdiscount

PLATFORMS
  ruby

DEPENDENCIES
  thin (~> 1.5.0)
  toto (~> 0.4.9)
